GEM
  remote: http://rubygems.org/
  specs:
    mini_portile2 (2.3.0)
    nokogiri (1.8.4)
      mini_portile2 (~> 2.3.0)
    rake (12.3.1)

PLATFORMS
  ruby

DEPENDENCIES
  nokogiri
  rake

BUNDLED WITH
   1.16.1
